GEM
  remote: https://rubygems.org/
  specs:
    bson (4.2.1)
    coderay (1.1.1)
    httparty (0.14.0)
      multi_xml (>= 0.5.2)
    json (2.0.3)
    method_source (0.8.2)
    mongo (2.4.1)
      bson (>= 4.2.1, < 5.0.0)
    multi_xml (0.6.0)
    pry (0.10.4)
      coderay (~> 1.1.0)
      method_source (~> 0.8.1)
      slop (~> 3.4)
    rack (1.6.5)
    rack-protection (1.5.3)
      rack
    rake (12.0.0)
    sinatra (1.4.8)
      rack (~> 1.5)
      rack-protection (~> 1.4)
      tilt (>= 1.3, < 3)
    slop (3.6.0)
    tilt (2.0.7)

PLATFORMS
  ruby

DEPENDENCIES
  httparty (~> 0.14.0)
  json (~> 2.0.3)
  mongo (~> 2.4.1)
  pry (~> 0.10.4)
  rake (~> 12.0.0)
  sinatra (~> 1.4.8)

BUNDLED WITH
   1.14.6
